GIT
  remote: git://github.com/abargnesi/redlander.git
  revision: 711a0de91d6aed6be80a0134acdf4f7aeb04a021
  branch: rubies_support
  specs:
    redlander (0.6.2)
      ffi (~> 1.3)
      xml_schema (~> 0.2.0)

GEM
  remote: https://rubygems.org/
  specs:
    ffi (1.9.10)
    multi_json (1.11.2)
    oj (2.12.12)
    sqlite3 (1.3.10)
    xml_schema (0.2.0)

PLATFORMS
  ruby

DEPENDENCIES
  multi_json
  oj
  redlander!
  sqlite3

BUNDLED WITH
   1.10.6
