GEM
  remote: https://rubygems.org/
  specs:
    ffi (1.9.3)
    multi_json (1.10.1)
    oj (2.11.4)
    redlander (0.6.1)
      ffi (~> 1.3)
      xml_schema (~> 0.2.0)
    sqlite3 (1.3.9)
    xml_schema (0.2.0)

PLATFORMS
  ruby

DEPENDENCIES
  multi_json
  oj
  redlander
  sqlite3
